GIT
  remote: https://github.com/CocoaPods/Xcodeproj
  revision: e11d273fb66081c19c88a788b2a01b707a987598
  specs:
    xcodeproj (1.3.1)
      activesupport (>= 3)
      claide (>= 1.0.0, < 2.0)
      colored (~> 1.2)

GEM
  remote: https://rubygems.org/
  specs:
    activesupport (5.0.0.1)
      concurrent-ruby (~> 1.0, >= 1.0.2)
      i18n (~> 0.7)
      minitest (~> 5.1)
      tzinfo (~> 1.1)
    claide (1.0.0)
    colored (1.2)
    concurrent-ruby (1.0.2)
    i18n (0.7.0)
    minitest (5.9.1)
    thread_safe (0.3.5)
    tzinfo (1.2.2)
      thread_safe (~> 0.1)

PLATFORMS
  ruby

DEPENDENCIES
  xcodeproj!

BUNDLED WITH
   1.13.2
